GEM
  specs:
    httparty (0.8.1)
      multi_json
      multi_xml
    multi_json (1.0.4)
    multi_xml (0.4.2)
    nokogiri (1.5.2)

PLATFORMS
  ruby

DEPENDENCIES
  httparty
  nokogiri
