GEM
  specs:
    activesupport (3.2.1)
      i18n (~> 0.6)
      multi_json (~> 1.0)
    httparty (0.8.1)
      multi_json
      multi_xml
    i18n (0.6.0)
    multi_json (1.0.4)
    multi_xml (0.4.2)
    nokogiri (1.5.2)

PLATFORMS
  ruby

DEPENDENCIES
  activesupport
  httparty
  nokogiri
